PATH
  remote: .
  specs:
    un_fichier_api (1.0.0)
      activesupport (~> 6.1.0)
      faraday (~> 1.2.0)

GEM
  remote: https://rubygems.org/
  specs:
    activesupport (6.1.3)
      concurrent-ruby (~> 1.0, >= 1.0.2)
      i18n (>= 1.6, < 2)
      minitest (>= 5.1)
      tzinfo (~> 2.0)
      zeitwerk (~> 2.3)
    concurrent-ruby (1.1.8)
    faraday (1.2.0)
      multipart-post (>= 1.2, < 3)
      ruby2_keywords
    i18n (1.8.9)
      concurrent-ruby (~> 1.0)
    minitest (5.14.3)
    multipart-post (2.1.1)
    rake (10.5.0)
    ruby2_keywords (0.0.4)
    tzinfo (2.0.4)
      concurrent-ruby (~> 1.0)
    zeitwerk (2.4.2)

PLATFORMS
  ruby

DEPENDENCIES
  bundler (~> 2.0)
  rake (~> 10.0)
  un_fichier_api!

BUNDLED WITH
   2.0.2
